GEM
  remote: https://rubygems.org/
  specs:
    mini_portile2 (2.4.0)
    nokogiri (1.10.10)
      mini_portile2 (~> 2.4.0)
    open-uri (0.1.0)

PLATFORMS
  ruby

DEPENDENCIES
  nokogiri
  open-uri

BUNDLED WITH
   2.1.4
