GEM
  remote: https://rubygems.org/
  specs:
    diff-lcs (1.4.4)
    highline (2.0.3)
    mini_portile2 (2.4.0)
    nokogiri (1.10.10)
      mini_portile2 (~> 2.4.0)
    open-uri (0.1.0)
    options (2.3.2)
    progress_bar (1.3.2)
      highline (>= 1.6, < 3)
      options (~> 2.3.0)
    rspec (3.10.0)
      rspec-core (~> 3.10.0)
      rspec-expectations (~> 3.10.0)
      rspec-mocks (~> 3.10.0)
    rspec-core (3.10.0)
      rspec-support (~> 3.10.0)
    rspec-expectations (3.10.0)
      diff-lcs (>= 1.2.0, < 2.0)
      rspec-support (~> 3.10.0)
    rspec-mocks (3.10.0)
      diff-lcs (>= 1.2.0, < 2.0)
      rspec-support (~> 3.10.0)
    rspec-support (3.10.0)

PLATFORMS
  ruby

DEPENDENCIES
  nokogiri
  open-uri
  progress_bar
  rspec

BUNDLED WITH
   2.1.4
