GEM
  remote: https://rubygems.org/
  specs:
    highline (2.0.3)
    mini_portile2 (2.6.1)
    nokogiri (1.12.5)
      mini_portile2 (~> 2.6.1)
      racc (~> 1.4)
    open-uri (0.1.0)
    options (2.3.2)
    progress_bar (1.3.2)
      highline (>= 1.6, < 3)
      options (~> 2.3.0)
    racc (1.5.2)

PLATFORMS
  ruby

DEPENDENCIES
  nokogiri
  open-uri
  progress_bar

BUNDLED WITH
   2.1.4
